GEM
  remote: https://rubygems.org/
  specs:
    autotest-standalone (4.5.11)
    bson (1.10.0)
    bson_ext (1.10.0)
      bson (~> 1.10.0)
    diff-lcs (1.2.5)
    em-proxy (0.1.8)
      eventmachine
    eventmachine (1.0.3)
    metaclass (0.0.4)
    mocha (1.0.0)
      metaclass (~> 0.0.1)
    mongo (1.10.0)
      bson (~> 1.10.0)
    rack (1.5.2)
    rack-test (0.6.2)
      rack (>= 1.0)
    rake (10.3.1)
    rake-compiler (0.9.2)
      rake
    rspec (2.14.1)
      rspec-core (~> 2.14.0)
      rspec-expectations (~> 2.14.0)
      rspec-mocks (~> 2.14.0)
    rspec-core (2.14.8)
    rspec-expectations (2.14.5)
      diff-lcs (>= 1.1.3, < 2.0)
    rspec-mocks (2.14.6)
    trollop (2.0)

PLATFORMS
  ruby

DEPENDENCIES
  autotest-standalone
  bson
  bson_ext
  em-proxy
  mocha
  mongo
  rack-test
  rake
  rake-compiler
  rspec
  trollop
